GEM
  remote: https://rubygems.org/
  specs:
    RedCloth (4.2.9)
    actionpack (4.2.11.3)
      actionview (= 4.2.11.3)
      activesupport (= 4.2.11.3)
      rack (~> 1.6)
      rack-test (~> 0.6.2)
      rails-dom-testing (~> 1.0, >= 1.0.5)
      rails-html-sanitizer (~> 1.0, >= 1.0.2)
    actionview (4.2.11.3)
      activesupport (= 4.2.11.3)
      builder (~> 3.1)
      erubis (~> 2.7.0)
      rails-dom-testing (~> 1.0, >= 1.0.5)
      rails-html-sanitizer (~> 1.0, >= 1.0.3)
    activesupport (4.2.11.3)
      i18n (~> 0.7)
      minitest (~> 5.1)
      thread_safe (~> 0.3, >= 0.3.4)
      tzinfo (~> 1.1)
    addressable (2.4.0)
    autoprefixer-rails (6.3.3.1)
      execjs
    blankslate (2.1.2.4)
    bootstrap-sass (3.3.6)
      autoprefixer-rails (>= 5.2.1)
      sass (>= 3.3.4)
    builder (3.2.4)
    classifier-reborn (2.3.0)
      fast-stemmer (~> 1.0)
      matrix (~> 0.4)
    coffee-script (2.4.1)
      coffee-script-source
      execjs
    coffee-script-source (1.12.2)
    colorator (0.1)
    concurrent-ruby (1.0.1)
    crass (1.0.6)
    erubis (2.7.0)
    ethon (0.8.0)
      ffi (>= 1.3.0)
    execjs (2.8.1)
    faraday (2.7.1)
      faraday-net_http (>= 2.0, < 3.1)
      ruby2_keywords (>= 0.0.4)
    faraday-net_http (3.0.2)
    fast-stemmer (1.0.2)
    ffi (1.15.5)
    ffi (1.15.5-x64-mingw32)
    gemoji (2.1.0)
    github-pages (40)
      RedCloth (= 4.2.9)
      github-pages-health-check (= 0.5.3)
      jekyll (= 2.4.0)
      jekyll-coffeescript (= 1.0.1)
      jekyll-feed (= 0.3.1)
      jekyll-gist (= 1.4.0)
      jekyll-mentions (= 0.2.1)
      jekyll-paginate (= 1.1.0)
      jekyll-redirect-from (= 0.8.0)
      jekyll-sass-converter (= 1.3.0)
      jekyll-sitemap (= 0.9.0)
      jemoji (= 0.5.0)
      kramdown (= 1.9.0)
      liquid (= 2.6.2)
      maruku (= 0.7.0)
      mercenary (~> 0.3)
      pygments.rb (= 0.6.3)
      rdiscount (= 2.1.8)
      redcarpet (= 3.3.3)
      terminal-table (~> 1.4)
    github-pages-health-check (0.5.3)
      addressable (~> 2.3)
      net-dns (~> 0.8)
      public_suffix (~> 1.4)
      typhoeus (~> 0.7)
    html-pipeline (1.9.0)
      activesupport (>= 2)
      nokogiri (~> 1.4)
    i18n (0.9.5)
      concurrent-ruby (~> 1.0)
    jekyll (2.4.0)
      classifier-reborn (~> 2.0)
      colorator (~> 0.1)
      jekyll-coffeescript (~> 1.0)
      jekyll-gist (~> 1.0)
      jekyll-paginate (~> 1.0)
      jekyll-sass-converter (~> 1.0)
      jekyll-watch (~> 1.1)
      kramdown (~> 1.3)
      liquid (~> 2.6.1)
      mercenary (~> 0.3.3)
      pygments.rb (~> 0.6.0)
      redcarpet (~> 3.1)
      safe_yaml (~> 1.0)
      toml (~> 0.1.0)
    jekyll-coffeescript (1.0.1)
      coffee-script (~> 2.2)
    jekyll-feed (0.3.1)
    jekyll-gist (1.4.0)
      octokit (~> 4.2)
    jekyll-mentions (0.2.1)
      html-pipeline (~> 1.9.0)
      jekyll (~> 2.0)
    jekyll-paginate (1.1.0)
    jekyll-redirect-from (0.8.0)
      jekyll (>= 2.0)
    jekyll-sass-converter (1.3.0)
      sass (~> 3.2)
    jekyll-sitemap (0.9.0)
    jekyll-watch (1.5.1)
      listen (~> 3.0)
    jemoji (0.5.0)
      gemoji (~> 2.0)
      html-pipeline (~> 1.9)
      jekyll (>= 2.0)
    kramdown (1.9.0)
    liquid (2.6.2)
    listen (3.7.1)
      rb-fsevent (~> 0.10, >= 0.10.3)
      rb-inotify (~> 0.9, >= 0.9.10)
    loofah (2.19.1)
      crass (~> 1.0.2)
      nokogiri (>= 1.5.9)
    maruku (0.7.0)
    matrix (0.4.2)
    mercenary (0.3.6)
    mini_portile2 (2.8.0)
    minitest (5.16.3)
    net-dns (0.8.0)
    nokogiri (1.13.10)
      mini_portile2 (~> 2.8.0)
      racc (~> 1.4)
    nokogiri (1.13.10-x64-mingw32)
      racc (~> 1.4)
    octokit (4.25.1)
      faraday (>= 1, < 3)
      sawyer (~> 0.9)
    parslet (1.5.0)
      blankslate (~> 2.0)
    posix-spawn (0.3.15)
    public_suffix (1.5.3)
    pygments.rb (0.6.3)
      posix-spawn (~> 0.3.6)
      yajl-ruby (~> 1.2.0)
    racc (1.6.1)
    rack (1.6.13)
    rack-test (0.6.3)
      rack (>= 1.0)
    rails-deprecated_sanitizer (1.0.4)
      activesupport (>= 4.2.0.alpha)
    rails-dom-testing (1.0.9)
      activesupport (>= 4.2.0, < 5.0)
      nokogiri (~> 1.6)
      rails-deprecated_sanitizer (>= 1.0.1)
    rails-html-sanitizer (1.4.4)
      loofah (~> 2.19, >= 2.19.1)
    railties (4.2.11.3)
      actionpack (= 4.2.11.3)
      activesupport (= 4.2.11.3)
      rake (>= 0.8.7)
      thor (>= 0.18.1, < 2.0)
    rake (13.0.6)
    rb-fsevent (0.11.2)
    rb-inotify (0.10.1)
      ffi (~> 1.0)
    rdiscount (2.1.8)
    redcarpet (3.3.3)
    ruby2_keywords (0.0.5)
    safe_yaml (1.0.5)
    sass (3.7.4)
      sass-listen (~> 4.0.0)
    sass-listen (4.0.0)
      rb-fsevent (~> 0.9, >= 0.9.4)
      rb-inotify (~> 0.9, >= 0.9.7)
    sass-rails (5.0.4)
      railties (>= 4.0.0, < 5.0)
      sass (~> 3.1)
      sprockets (>= 2.8, < 4.0)
      sprockets-rails (>= 2.0, < 4.0)
      tilt (>= 1.1, < 3)
    sawyer (0.9.2)
      addressable (>= 2.3.5)
      faraday (>= 0.17.3, < 3)
    sprockets (3.5.2)
      concurrent-ruby (~> 1.0)
      rack (> 1, < 3)
    sprockets-rails (3.0.4)
      actionpack (>= 4.0)
      activesupport (>= 4.0)
      sprockets (>= 3.0.0)
    terminal-table (1.5.2)
    thor (1.2.1)
    thread_safe (0.3.6)
    tilt (2.0.2)
    toml (0.1.2)
      parslet (~> 1.5.0)
    typhoeus (0.8.0)
      ethon (>= 0.8.0)
    tzinfo (1.2.10)
      thread_safe (~> 0.1)
    yajl-ruby (1.2.3)

PLATFORMS
  ruby
  x64-mingw32

DEPENDENCIES
  bootstrap-sass (~> 3.3.6)
  github-pages
  sass-rails (>= 3.2)

BUNDLED WITH
   1.11.2
